PATH
  remote: .
  specs:
    exceptioner (0.0.6.pre1)
      isaac (~> 0.2.6)
      mail (~> 2.2)
      redmine_client
      redmine_client
      xmpp4r (~> 0.5)

GEM
  remote: http://rubygems.org/
  specs:
    activeresource (2.3.10)
      activesupport (= 2.3.10)
    activesupport (2.3.10)
    i18n (0.5.0)
    isaac (0.2.6)
    mail (2.2.15)
      activesupport (>= 2.3.6)
      i18n (>= 0.4.0)
      mime-types (~> 1.16)
      treetop (~> 1.4.8)
    mime-types (1.16)
    mocha (0.9.10)
      rake
    polyglot (0.3.1)
    rack (1.2.1)
    rake (0.8.7)
    redmine_client (0.0.1)
      activeresource (~> 2.3.0)
    treetop (1.4.9)
      polyglot (>= 0.3.1)
    xmpp4r (0.5)

PLATFORMS
  ruby

DEPENDENCIES
  exceptioner!
  isaac (~> 0.2.6)
  mail (~> 2.2)
  mocha
  rack
  redmine_client
  xmpp4r (~> 0.5)
