PATH
  remote: .
  specs:
    exceptioner (0.0.5)
      mail (~> 2.2)
      xmpp4r (~> 0.5)

GEM
  remote: http://rubygems.org/
  specs:
    activesupport (3.0.3)
    flexmock (0.8.11)
    i18n (0.5.0)
    mail (2.2.14)
      activesupport (>= 2.3.6)
      i18n (>= 0.4.0)
      mime-types (~> 1.16)
      treetop (~> 1.4.8)
    mime-types (1.16)
    polyglot (0.3.1)
    rack (1.2.1)
    rack-test (0.5.7)
      rack (>= 1.0)
    treetop (1.4.9)
      polyglot (>= 0.3.1)
    xmpp4r (0.5)

PLATFORMS
  ruby

DEPENDENCIES
  exceptioner!
  flexmock
  mail (~> 2.2)
  rack-test
  xmpp4r (~> 0.5)
